GEM
  remote: https://rubygems.org/
  specs:
    concurrent-ruby (1.3.4)
    faker (3.2.3)
      i18n (>= 1.8.11, < 2)
    i18n (1.14.6)
      concurrent-ruby (~> 1.0)

PLATFORMS
  x86_64-darwin-23

DEPENDENCIES
  faker (~> 3.2.0)

BUNDLED WITH
   2.4.19
